GEM
  remote: https://rubygems.org/
  specs:
    bcrypt-ruby (3.0.1-x86-mingw32)
    haml (3.1.7)
    i18n (0.6.1)
    mysql2 (0.3.11-x86-mingw32)
    rack (1.4.1)
    rack-protection (1.3.2)
      rack
    sequel (3.43.0)
    sinatra (1.3.3)
      rack (~> 1.3, >= 1.3.6)
      rack-protection (~> 1.2)
      tilt (~> 1.3, >= 1.3.3)
    tilt (1.3.3)

PLATFORMS
  x86-mingw32

DEPENDENCIES
  bcrypt-ruby
  haml
  i18n
  mysql2
  sequel
  sinatra
